GEM
  remote: http://rubygems.org/
  specs:
    iconv (1.0.4)
    rack (1.5.2)

PLATFORMS
  ruby

DEPENDENCIES
  iconv
  rack
